GEM
  remote: https://rubygems.org/
  specs:
    chunky_png (1.4.0)
    compass (0.12.7)
      chunky_png (~> 1.2)
      fssm (>= 0.2.7)
      sass (~> 3.2.19)
    fssm (0.2.10)
    i18n (0.6.9)
    modular-scale (1.0.6)
      compass (>= 0.12.1)
      sass (>= 3.2.0)
      sassy-math (>= 1.5)
    pure-sass (0.0.4)
      sass
    rake (13.0.6)
    rb-readline (0.4.2)
    sass (3.2.19)
    sassy-math (1.5.1)
      compass (>= 0.11)
    string-encrypt (0.0.5)

PLATFORMS
  ruby

DEPENDENCIES
  bundler (~> 1.3)
  compass
  i18n (= 0.6.9)
  modular-scale (~> 1.0.6)
  pure-sass
  rake (>= 10.0.4)
  rb-readline (= 0.4.2)
  sass (~> 3.2.13)
  sassy-math
  string-encrypt

BUNDLED WITH
   1.17.3
